GEM
  remote: https://rubygems.org/
  specs:
    ffi (1.15.3)
    pastel (0.8.0)
      tty-color (~> 0.5)
    strings (0.2.1)
      strings-ansi (~> 0.2)
      unicode-display_width (>= 1.5, < 3.0)
      unicode_utils (~> 1.4)
    strings-ansi (0.2.0)
    sys-proctable (1.2.6)
      ffi
    tty-color (0.6.0)
    tty-screen (0.8.1)
    tty-table (0.12.0)
      pastel (~> 0.8)
      strings (~> 0.2.0)
      tty-screen (~> 0.8)
    unicode-display_width (2.0.0)
    unicode_utils (1.4.0)

PLATFORMS
  x86_64-linux

DEPENDENCIES
  pastel (~> 0.8.0)
  sys-proctable (~> 1.2)
  tty-table (~> 0.12.0)

BUNDLED WITH
   2.2.25
